GEM
  remote: https://rubygems.org/
  specs:
    backports (3.16.1)
    coderay (1.1.2)
    faraday (1.0.0)
      multipart-post (>= 1.2, < 3)
    httparty (0.18.0)
      mime-types (~> 3.0)
      multi_xml (>= 0.5.2)
    json (2.3.0)
    method_source (0.9.2)
    mime-types (3.3.1)
      mime-types-data (~> 3.2015)
    mime-types-data (3.2019.1009)
    multi_json (1.14.1)
    multi_xml (0.6.0)
    multipart-post (2.1.1)
    mustermann (1.1.1)
      ruby2_keywords (~> 0.0.1)
    nio4r (2.5.2)
    pomber_covid19 (0.1.0)
      httparty
    pry (0.12.2)
      coderay (~> 1.1.0)
      method_source (~> 0.9.0)
    puma (4.3.0)
      nio4r (~> 2.0)
    rack (2.2.2)
    rack-protection (2.0.7)
      rack
    rack-test (1.1.0)
      rack (>= 1.0, < 3)
    restcountry (0.6.0)
      faraday
      json
    ruby2_keywords (0.0.2)
    sinatra (2.0.7)
      mustermann (~> 1.0)
      rack (~> 2.0)
      rack-protection (= 2.0.7)
      tilt (~> 2.0)
    sinatra-contrib (2.0.7)
      backports (>= 2.8.2)
      multi_json
      mustermann (~> 1.0)
      rack-protection (= 2.0.7)
      sinatra (= 2.0.7)
      tilt (~> 2.0)
    sir_model (0.1.5)
    tilt (2.0.10)

PLATFORMS
  ruby

DEPENDENCIES
  httparty
  pomber_covid19
  pry
  puma (= 4.3.0)
  rack-test
  restcountry
  sinatra (= 2.0.7)
  sinatra-contrib (= 2.0.7)
  sir_model

BUNDLED WITH
   2.1.4
